PATH
  remote: .
  specs:
    bootstrap-table-rails (1.12.1)

GEM
  remote: https://rubygems.org/
  specs:
    rake (10.4.2)

PLATFORMS
  ruby

DEPENDENCIES
  bootstrap-table-rails!
  bundler (~> 1.17)
  rake (~> 10.0)

BUNDLED WITH
   1.17.1
